GIT
  remote: https://github.com/josepegea/tk_component
  revision: cf4763d830b42b51279705367f01b8bc56271b83
  branch: master
  specs:
    tk_component (0.2.0)
      activesupport (~> 6.0.3)
      tk (~> 0.3.0)

GIT
  remote: https://github.com/josepegea/tk_inspect
  revision: 921652b7f2d3debf3c3a585a988abbe48b953ef6
  branch: master
  specs:
    tk_inspect (0.2.1)
      rouge (~> 3.26)
      tk_component (~> 0.2.0)

GEM
  remote: https://rubygems.org/
  specs:
    activesupport (6.0.3.7)
      concurrent-ruby (~> 1.0, >= 1.0.2)
      i18n (>= 0.7, < 2)
      minitest (~> 5.1)
      tzinfo (~> 1.1)
      zeitwerk (~> 2.2, >= 2.2.2)
    async (1.29.0)
      console (~> 1.10)
      nio4r (~> 2.3)
      timers (~> 4.1)
    byebug (11.1.3)
    coderay (1.1.3)
    concurrent-ruby (1.1.8)
    console (1.12.0)
      fiber-local
    fiber-local (1.0.0)
    i18n (1.8.10)
      concurrent-ruby (~> 1.0)
    method_source (1.0.0)
    minitest (5.14.4)
    nio4r (2.5.7)
    pry (0.13.1)
      coderay (~> 1.1)
      method_source (~> 1.0)
    pry-byebug (3.9.0)
      byebug (~> 11.0)
      pry (~> 0.13.0)
    rouge (3.26.0)
    thread_safe (0.3.6)
    timers (4.3.3)
    tk (0.3.0)
    tzinfo (1.2.9)
      thread_safe (~> 0.1)
    zeitwerk (2.4.2)

PLATFORMS
  x86_64-darwin-18

DEPENDENCIES
  async
  pry
  pry-byebug
  tk_component!
  tk_inspect!

BUNDLED WITH
   2.2.15
